GEM
  remote: http://rubygems.org/
  specs:
    active_support (3.0.0)
      activesupport (= 3.0.0)
    activesupport (3.0.0)
    haml (3.1.2)
    rack (1.3.2)
    sequel (3.26.0)
    sinatra (1.2.6)
      rack (~> 1.1)
      tilt (< 2.0, >= 1.2.2)
    sqlite3 (1.3.4)
    tilt (1.3.2)

PLATFORMS
  ruby

DEPENDENCIES
  active_support
  haml
  sequel
  sinatra
  sqlite3
